GIT
  remote: git://github.com/clearsightstudio/ProMotion.git
  revision: 89c76c5bfe39fe9bb1be157d0bfe5f4260b0b336
  branch: version-1.0
  specs:
    ProMotion (1.0.0)

GEM
  remote: https://rubygems.org/
  specs:
    awesome_print_motion (0.1.0)
    bubble-wrap (1.3.0)
    forgery (0.5.0)
    motion-addressbook (1.5.0)
      bubble-wrap (~> 1.3)
    motion-bundler (0.2.0)
      thor
    rake (10.1.0)
    sugarcube (0.20.25)
    thor (0.18.1)

PLATFORMS
  ruby

DEPENDENCIES
  ProMotion!
  awesome_print_motion
  bubble-wrap
  forgery
  motion-addressbook
  motion-bundler
  rake
  sugarcube
